PATH
  remote: .
  specs:
    martinet-rails (0.1.0)
      martinet (~> 0.1.1)

GEM
  remote: https://rubygems.org/
  specs:
    activemodel (4.2.6)
      activesupport (= 4.2.6)
      builder (~> 3.1)
    activerecord (4.2.6)
      activemodel (= 4.2.6)
      activesupport (= 4.2.6)
      arel (~> 6.0)
    activesupport (4.2.6)
      i18n (~> 0.7)
      json (~> 1.7, >= 1.7.7)
      minitest (~> 5.1)
      thread_safe (~> 0.3, >= 0.3.4)
      tzinfo (~> 1.1)
    appraisal (2.1.0)
      bundler
      rake
      thor (>= 0.14.0)
    arel (6.0.3)
    builder (3.2.2)
    codeclimate-test-reporter (0.5.0)
      simplecov (>= 0.7.1, < 1.0.0)
    docile (1.1.5)
    gemsmith (7.6.0)
      milestoner (~> 3.0)
      refinements (~> 2.2)
      thor (~> 0.19)
      thor_plus (~> 3.0)
      tocer (~> 2.2)
    i18n (0.7.0)
    json (1.8.3)
    martinet (0.1.1)
      warden (~> 1.2, >= 1.2.6)
    milestoner (3.0.0)
      thor (~> 0.19)
      thor_plus (~> 3.0)
      versionaire (~> 1.1)
    minitest (5.8.4)
    rack (1.6.4)
    rake (11.1.2)
    refinements (2.2.0)
    simplecov (0.11.2)
      docile (~> 1.1.0)
      json (~> 1.8)
      simplecov-html (~> 0.10.0)
    simplecov-html (0.10.0)
    sqlite3 (1.3.11)
    thor (0.19.1)
    thor_plus (3.1.0)
      thor (~> 0.19)
    thread_safe (0.3.5)
    tocer (2.2.0)
      refinements (~> 2.2)
      thor (~> 0.19)
      thor_plus (~> 3.0)
    tzinfo (1.2.2)
      thread_safe (~> 0.1)
    versionaire (1.1.0)
    warden (1.2.6)
      rack (>= 1.0)

PLATFORMS
  ruby

DEPENDENCIES
  activerecord (>= 4.0.13)
  appraisal (~> 2.1.0)
  bundler (~> 1.11, >= 1.11.2)
  codeclimate-test-reporter (~> 0.5.0)
  gemsmith (~> 7.6)
  martinet-rails!
  minitest (~> 5.8, >= 5.8.4)
  rake (~> 11.1, >= 11.1.2)
  sqlite3 (~> 1.3, >= 1.3.11)

BUNDLED WITH
   1.11.2
