PATH
  remote: .
  specs:
    martinet_rails (0.1.0)

GEM
  remote: https://rubygems.org/
  specs:
    codeclimate-test-reporter (0.5.0)
      simplecov (>= 0.7.1, < 1.0.0)
    docile (1.1.5)
    gemsmith (7.6.0)
      milestoner (~> 3.0)
      refinements (~> 2.2)
      thor (~> 0.19)
      thor_plus (~> 3.0)
      tocer (~> 2.2)
    json (1.8.3)
    milestoner (3.0.0)
      thor (~> 0.19)
      thor_plus (~> 3.0)
      versionaire (~> 1.1)
    rake (10.5.0)
    refinements (2.2.0)
    simplecov (0.11.2)
      docile (~> 1.1.0)
      json (~> 1.8)
      simplecov-html (~> 0.10.0)
    simplecov-html (0.10.0)
    thor (0.19.1)
    thor_plus (3.1.0)
      thor (~> 0.19)
    tocer (2.2.0)
      refinements (~> 2.2)
      thor (~> 0.19)
      thor_plus (~> 3.0)
    versionaire (1.1.0)

PLATFORMS
  ruby

DEPENDENCIES
  bundler (~> 1.11)
  codeclimate-test-reporter
  gemsmith (~> 7.6)
  martinet_rails!
  rake (~> 10.0)

BUNDLED WITH
   1.11.2
